GEM
  remote: http://rubygems.org/
  specs:
    diff-lcs (1.1.3)
    ffi (1.0.11-x86-mingw32)
    guard (1.0.1)
      ffi (>= 0.5.0)
      thor (~> 0.14.6)
    guard-rspec (0.7.0)
      guard (>= 0.10.0)
    rake (0.9.2.2)
    rb-fchange (0.0.5)
      ffi
    rb-notifu (0.0.4)
    rspec (2.9.0)
      rspec-core (~> 2.9.0)
      rspec-expectations (~> 2.9.0)
      rspec-mocks (~> 2.9.0)
    rspec-core (2.9.0)
    rspec-expectations (2.9.1)
      diff-lcs (~> 1.1.3)
    rspec-mocks (2.9.0)
    thor (0.14.6)
    win32console (1.3.0-x86-mingw32)

PLATFORMS
  x86-mingw32

DEPENDENCIES
  guard
  guard-rspec
  rake
  rb-fchange
  rb-notifu
  rspec
  win32console
